GIT
  remote: git://github.com/calabash/calabash.git
  revision: 2fad9857f9649c76d1976a9707972685d6faaad9
  branch: develop
  specs:
    calabash (2.0.0.pre1)
      awesome_print
      bundler (>= 1.3.0, < 2.0)
      cucumber (>= 1.3, < 3.0)
      edn (>= 1.0.6, < 2.0)
      escape (>= 0.0.4, < 1.0)
      geocoder (>= 1.1.8, < 2.0)
      httpclient (~> 2.6)
      json
      rubyzip (~> 1.1)
      run_loop (>= 1.3.3, < 2.0)
      slowhandcuke (>= 0.0.3, < 1.0)

GEM
  remote: https://rubygems.org/
  specs:
    CFPropertyList (2.3.1)
    awesome_print (1.6.1)
    builder (3.2.2)
    coderay (1.1.0)
    cucumber (2.0.0)
      builder (>= 2.1.2)
      cucumber-core (~> 1.1.3)
      diff-lcs (>= 1.1.3)
      gherkin (~> 2.12)
      multi_json (>= 1.7.5, < 2.0)
      multi_test (>= 0.1.2)
    cucumber-core (1.1.3)
      gherkin (~> 2.12.0)
    diff-lcs (1.2.5)
    edn (1.0.7)
    escape (0.0.4)
    geocoder (1.2.9)
    gherkin (2.12.2)
      multi_json (~> 1.3)
    httpclient (2.6.0.1)
    json (1.8.3)
    method_source (0.8.2)
    multi_json (1.11.1)
    multi_test (0.1.2)
    pry (0.10.1)
      coderay (~> 1.1.0)
      method_source (~> 0.8.1)
      slop (~> 3.4)
    pry-nav (0.2.4)
      pry (>= 0.9.10, < 0.11.0)
    retriable (2.0.2)
    rubyzip (1.1.7)
    run_loop (1.3.3)
      CFPropertyList (~> 2.2)
      awesome_print (~> 1.2)
      json (~> 1.8)
      retriable (>= 1.3.3.1, < 2.1)
      thor (>= 0.18.1, < 1.0)
    slop (3.6.0)
    slowhandcuke (0.0.3)
      cucumber
    thor (0.19.1)

PLATFORMS
  ruby

DEPENDENCIES
  calabash!
  cucumber (>= 2.0, < 3.0)
  pry
  pry-nav
