PATH
  remote: /Users/tobiasroikjer/code/calabash
  specs:
    calabash (2.0.0.pre1)
      awesome_print
      bundler (>= 1.3.0, < 2.0)
      cucumber (~> 1.3, < 3.0)
      edn (~> 1.0, >= 1.0.6)
      escape (~> 0.0, >= 0.0.4)
      geocoder (~> 1.1, >= 1.1.8)
      httpclient (~> 2.6)
      json
      rubyzip (~> 1.1)
      run_loop (>= 1.3.3, < 2.0)
      slowhandcuke (~> 0.0, >= 0.0.3)

GEM
  specs:
    CFPropertyList (2.3.1)
    awesome_print (1.6.1)
    builder (3.2.2)
    cucumber (1.3.19)
      builder (>= 2.1.2)
      diff-lcs (>= 1.1.3)
      gherkin (~> 2.12)
      multi_json (>= 1.7.5, < 2.0)
      multi_test (>= 0.1.2)
    diff-lcs (1.2.5)
    edn (1.0.7)
    escape (0.0.4)
    geocoder (1.2.8)
    gherkin (2.12.2)
      multi_json (~> 1.3)
    httpclient (2.6.0.1)
    json (1.8.3)
    multi_json (1.11.1)
    multi_test (0.1.2)
    retriable (2.0.2)
    rubyzip (1.1.7)
    run_loop (1.3.3)
      CFPropertyList (~> 2.2)
      awesome_print (~> 1.2)
      json (~> 1.8)
      retriable (>= 1.3.3.1, < 2.1)
      thor (>= 0.18.1, < 1.0)
    slowhandcuke (0.0.3)
      cucumber
    thor (0.19.1)

PLATFORMS
  ruby

DEPENDENCIES
  calabash!
